GEM
  remote: https://rubygems.org/
  specs:
    activesupport (5.2.0)
      concurrent-ruby (~> 1.0, >= 1.0.2)
      i18n (>= 0.7, < 2)
      minitest (~> 5.1)
      tzinfo (~> 1.1)
    addressable (2.5.2)
      public_suffix (>= 2.0.2, < 4.0)
    async-rack (0.4.0.1)
      rack (>= 1.1.0)
    axiom-types (0.1.1)
      descendants_tracker (~> 0.0.4)
      ice_nine (~> 0.11.0)
      thread_safe (~> 0.3, >= 0.3.1)
    builder (3.2.3)
    coercible (1.0.0)
      descendants_tracker (~> 0.0.1)
    concurrent-ruby (1.0.5)
    descendants_tracker (0.0.4)
      thread_safe (~> 0.3, >= 0.3.1)
    einhorn (0.7.4)
    em-synchrony (1.0.6)
      eventmachine (>= 1.0.0.beta.1)
    em-websocket (0.3.8)
      addressable (>= 2.1.1)
      eventmachine (>= 0.12.9)
    equalizer (0.0.11)
    eventmachine (1.2.5)
    goliath (1.0.6)
      async-rack
      einhorn
      em-synchrony (>= 1.0.0)
      em-websocket (= 0.3.8)
      eventmachine (>= 1.0.0.beta.4)
      http_parser.rb (>= 0.6.0)
      log4r
      multi_json
      rack (>= 1.2.2)
      rack-contrib
      rack-respond_to
    grape (1.0.3)
      activesupport
      builder
      mustermann-grape (~> 1.0.0)
      rack (>= 1.3.0)
      rack-accept
      virtus (>= 1.0.0)
    http_parser.rb (0.6.0)
    i18n (1.0.1)
      concurrent-ruby (~> 1.0)
    ice_nine (0.11.2)
    log4r (1.1.10)
    mini_portile2 (2.3.0)
    minitest (5.11.3)
    multi_json (1.13.1)
    mustermann (1.0.2)
    mustermann-grape (1.0.0)
      mustermann (~> 1.0.0)
    nokogiri (1.8.2)
      mini_portile2 (~> 2.3.0)
    public_suffix (3.0.2)
    rack (2.0.5)
    rack-accept (0.4.5)
      rack (>= 0.4)
    rack-accept-media-types (0.9)
    rack-contrib (2.0.1)
      rack (~> 2.0)
    rack-respond_to (0.9.8)
      rack-accept-media-types (>= 0.6)
    ruby-saml (1.8.0)
      nokogiri (>= 1.5.10)
    thread_safe (0.3.6)
    tzinfo (1.2.5)
      thread_safe (~> 0.1)
    virtus (1.0.5)
      axiom-types (~> 0.1)
      coercible (~> 1.0)
      descendants_tracker (~> 0.0, >= 0.0.3)
      equalizer (~> 0.0, >= 0.0.9)

PLATFORMS
  ruby

DEPENDENCIES
  goliath
  grape
  ruby-saml

BUNDLED WITH
   1.16.1
