GEM
  remote: https://rubygems.org/
  specs:
    activesupport (7.2.1)
      base64
      bigdecimal
      concurrent-ruby (~> 1.0, >= 1.3.1)
      connection_pool (>= 2.2.5)
      drb
      i18n (>= 1.6, < 2)
      logger (>= 1.4.2)
      minitest (>= 5.1)
      securerandom (>= 0.3)
      tzinfo (~> 2.0, >= 2.0.5)
    addressable (2.8.5)
      public_suffix (>= 2.0.2, < 6.0)
    async-rack (0.4.0.1)
      rack (>= 1.1.0)
    base64 (0.2.0)
    bigdecimal (3.1.8)
    concurrent-ruby (1.3.4)
    connection_pool (2.4.1)
    drb (2.2.1)
    dry-core (1.0.1)
      concurrent-ruby (~> 1.0)
      zeitwerk (~> 2.6)
    dry-inflector (1.1.0)
    dry-logic (1.5.0)
      concurrent-ruby (~> 1.0)
      dry-core (~> 1.0, < 2)
      zeitwerk (~> 2.6)
    dry-types (1.7.2)
      bigdecimal (~> 3.0)
      concurrent-ruby (~> 1.0)
      dry-core (~> 1.0)
      dry-inflector (~> 1.0)
      dry-logic (~> 1.4)
      zeitwerk (~> 2.6)
    einhorn (1.0.0)
    em-synchrony (1.0.6)
      eventmachine (>= 1.0.0.beta.1)
    em-websocket (0.3.8)
      addressable (>= 2.1.1)
      eventmachine (>= 0.12.9)
    eventmachine (1.2.7)
    goliath (1.0.7)
      async-rack
      einhorn
      em-synchrony (>= 1.0.0)
      em-websocket (= 0.3.8)
      eventmachine (>= 1.0.0.beta.4)
      http_parser.rb (>= 0.6.0)
      log4r
      multi_json
      rack (>= 1.2.2)
      rack-contrib
      rack-respond_to
    grape (2.2.0)
      activesupport (>= 6)
      dry-types (>= 1.1)
      mustermann-grape (~> 1.1.0)
      rack (>= 2)
      zeitwerk
    http_parser.rb (0.8.0)
    i18n (1.14.6)
      concurrent-ruby (~> 1.0)
    log4r (1.1.10)
    logger (1.6.1)
    mini_portile2 (2.8.7)
    minitest (5.25.1)
    multi_json (1.15.0)
    mustermann (3.0.3)
      ruby2_keywords (~> 0.0.1)
    mustermann-grape (1.1.0)
      mustermann (>= 1.0.0)
    nokogiri (1.16.7)
      mini_portile2 (~> 2.8.2)
      racc (~> 1.4)
    public_suffix (5.0.3)
    racc (1.8.1)
    rack (3.1.7)
    rack-accept-media-types (0.9)
    rack-contrib (2.5.0)
      rack (< 4)
    rack-respond_to (0.9.8)
      rack-accept-media-types (>= 0.6)
    rexml (3.3.7)
    ruby-saml (1.17.0)
      nokogiri (>= 1.13.10)
      rexml
    ruby2_keywords (0.0.5)
    securerandom (0.3.1)
    tzinfo (2.0.6)
      concurrent-ruby (~> 1.0)
    zeitwerk (2.6.18)

PLATFORMS
  ruby

DEPENDENCIES
  goliath
  grape
  ruby-saml

BUNDLED WITH
   1.16.1
